GIT
  remote: git://github.com/brianmario/mysql2.git
  revision: e74645e429e97aa49e0135831f236e6ffde60d7d
  specs:
    mysql2 (0.3.6)

GIT
  remote: git://github.com/rack/rack.git
  revision: d0e8aedb18a830356e4a624cf6ea36ca303a7f41
  specs:
    rack (1.3.0)

GIT
  remote: git://github.com/rails/arel.git
  revision: 645afa0c08af21381b63831e8f488a186a6ad9b0
  specs:
    arel (2.1.1.20110518143805)

GIT
  remote: git://github.com/rails/rails.git
  revision: a70f65cbdd43e7efd500440c3901698fdda9bfaa
  branch: 3-1-stable
  specs:
    actionmailer (3.1.0.rc4)
      actionpack (= 3.1.0.rc4)
      mail (~> 2.3.0)
    actionpack (3.1.0.rc4)
      activemodel (= 3.1.0.rc4)
      activesupport (= 3.1.0.rc4)
      builder (~> 3.0.0)
      erubis (~> 2.7.0)
      i18n (~> 0.6)
      rack (~> 1.3.0)
      rack-cache (~> 1.0.1)
      rack-mount (~> 0.8.1)
      rack-test (~> 0.6.0)
      sprockets (~> 2.0.0.beta.10)
      tzinfo (~> 0.3.27)
    activemodel (3.1.0.rc4)
      activesupport (= 3.1.0.rc4)
      bcrypt-ruby (~> 2.1.4)
      builder (~> 3.0.0)
      i18n (~> 0.6)
    activerecord (3.1.0.rc4)
      activemodel (= 3.1.0.rc4)
      activesupport (= 3.1.0.rc4)
      arel (~> 2.1.1)
      tzinfo (~> 0.3.27)
    activeresource (3.1.0.rc4)
      activemodel (= 3.1.0.rc4)
      activesupport (= 3.1.0.rc4)
    activesupport (3.1.0.rc4)
      multi_json (~> 1.0)
    rails (3.1.0.rc4)
      actionmailer (= 3.1.0.rc4)
      actionpack (= 3.1.0.rc4)
      activerecord (= 3.1.0.rc4)
      activeresource (= 3.1.0.rc4)
      activesupport (= 3.1.0.rc4)
      bundler (~> 1.0)
      railties (= 3.1.0.rc4)
    railties (3.1.0.rc4)
      actionpack (= 3.1.0.rc4)
      activesupport (= 3.1.0.rc4)
      rack-ssl (~> 1.3.2)
      rake (>= 0.8.7)
      rdoc (~> 3.4)
      thor (~> 0.14.6)

GIT
  remote: git://github.com/sstephenson/sprockets.git
  revision: 0344ddc29b603e8504f198bb86f922a3944f0f4b
  specs:
    sprockets (2.0.0.beta.11)
      hike (~> 1.1)
      rack (~> 1.0)
      tilt (~> 1.1, != 1.3.0)

GEM
  remote: http://rubygems.org/
  specs:
    bcrypt-ruby (2.1.4)
    builder (3.0.0)
    erubis (2.7.0)
    hike (1.1.0)
    i18n (0.6.0)
    mail (2.3.0)
      i18n (>= 0.4.0)
      mime-types (~> 1.16)
      treetop (~> 1.4.8)
    mime-types (1.16)
    multi_json (1.0.3)
    polyglot (0.3.1)
    rack-cache (1.0.2)
      rack (>= 0.4)
    rack-mount (0.8.1)
      rack (>= 1.0.0)
    rack-ssl (1.3.2)
      rack
    rack-test (0.6.0)
      rack (>= 1.0)
    rake (0.9.2)
    rdoc (3.6.1)
    thor (0.14.6)
    tilt (1.3.2)
    treetop (1.4.9)
      polyglot (>= 0.3.1)
    tzinfo (0.3.28)

PLATFORMS
  ruby

DEPENDENCIES
  arel!
  mysql2!
  rack!
  rails!
  sprockets!
